PATH
  remote: .
  specs:
    clima_tempo (2.5)
      nokogiri (>= 1.6.8)
      rake

GEM
  remote: http://rubygems.org/
  specs:
    diff-lcs (1.2.5)
    fakeweb (1.3.0)
    mini_portile2 (2.1.0)
    nokogiri (1.6.8)
      mini_portile2 (~> 2.1.0)
      pkg-config (~> 1.1.7)
    pkg-config (1.1.7)
    rake (11.2.2)
    rspec (3.4.0)
      rspec-core (~> 3.4.0)
      rspec-expectations (~> 3.4.0)
      rspec-mocks (~> 3.4.0)
    rspec-core (3.4.4)
      rspec-support (~> 3.4.0)
    rspec-expectations (3.4.0)
      diff-lcs (>= 1.2.0, < 2.0)
      rspec-support (~> 3.4.0)
    rspec-mocks (3.4.1)
      diff-lcs (>= 1.2.0, < 2.0)
      rspec-support (~> 3.4.0)
    rspec-support (3.4.1)

PLATFORMS
  ruby

DEPENDENCIES
  clima_tempo!
  fakeweb (>= 1.3)
  rspec (>= 3.4.0)

BUNDLED WITH
   1.12.5
